GEM
  remote: http://rubygems.org/
  specs:
    nokogiri (1.5.0)
    rubyzip (0.9.4)
    thor (0.14.6)

PLATFORMS
  ruby

DEPENDENCIES
  nokogiri
  rubyzip
  thor
