GEM
  remote: http://rubygems.org/
  specs:
    nokogiri (1.5.0)
    rubyzip (0.9.4)

PLATFORMS
  ruby

DEPENDENCIES
  nokogiri
  rubyzip
