GEM
  remote: http://rubygems.org/
  specs:
    mini_portile2 (2.3.0)
    nokogiri (1.8.4)
      mini_portile2 (~> 2.3.0)
    rubyzip (1.2.1)
    thor (0.20.0)

PLATFORMS
  ruby

DEPENDENCIES
  nokogiri
  rubyzip
  thor

BUNDLED WITH
   1.16.3
